GIT
  remote: https://github.com/oesmith/a2_printer.git
  revision: 00a12e40ecfe715a469ca5f966b71d084039880e
  specs:
    a2_printer (0.1.0)
      rmagick (~> 2.13.1)
      rqrencoder (~> 0.1.2)
      rqrencoder-magick (~> 0.1.0)
      serialport (~> 1.0.4)

GEM
  remote: http://rubygems.org/
  specs:
    foreman (0.46.0)
      thor (>= 0.13.6)
    haml (3.1.6)
    rack (1.4.1)
    rack-protection (1.2.0)
      rack
    redis (2.2.2)
    rmagick (2.13.1)
    rqrencoder (0.1.2)
    rqrencoder-magick (0.1.0)
      rmagick (>= 2.13.1)
      rqrencoder (>= 0.1.2)
    serialport (1.0.4)
    sinatra (1.3.2)
      rack (~> 1.3, >= 1.3.6)
      rack-protection (~> 1.2)
      tilt (~> 1.3, >= 1.3.3)
    thor (0.15.2)
    tilt (1.3.3)

PLATFORMS
  ruby

DEPENDENCIES
  a2_printer!
  foreman
  haml
  redis
  rmagick
  sinatra
